GEM
  remote: https://rubygems.org/
  specs:
    rexml (3.2.9)
      strscan
    ruby-graphviz (1.2.5)
      rexml
    strscan (3.1.0)

PLATFORMS
  ruby
  x86_64-linux

DEPENDENCIES
  ruby-graphviz

RUBY VERSION
   ruby 3.0.6p216

BUNDLED WITH
   2.5.10
