GEM
  remote: https://rubygems.org/
  specs:
    json (2.7.2)
    rubytree (2.0.3)
      json (~> 2.0, > 2.3.1)

PLATFORMS
  ruby
  x86_64-linux

DEPENDENCIES
  rubytree

RUBY VERSION
   ruby 3.0.6p216

BUNDLED WITH
   2.5.10
